lpopt1 2 2 8 0 0 3 1 0 1 64
1 "f"
0 
dutyc 1 1 9.99999984307e+17 -9.99999984307e+17 0 2 1 0 1 64
1 0.1 
0 
ct 7 1 1000000000 0 1 2 1 6 1 64
1 256 
0 
arraydim 7 1 32768 1 1 2 1 5 1 64
1 1 
0 
REQexp 2 2 8 0 0 4 1 256 1 64
2 ""
""
0 
Gzqfilt 4 2 4 0 0 2 1 0 1 64
1 "y"
0 
DQC 1 1 9.99999984307e+17 -9.99999984307e+17 0 2 1 0 1 64
1 0 
0 
CLIP 1 1 9.99999984307e+17 -9.99999984307e+17 0 2 1 0 1 64
1 1 
0 
Archive1 2 2 8 0 0 2 1 0 1 64
1 ""
0 
ACQtime 7 1 100000000 0 1 2 1 256 1 64
1 389.407772 
0 
Archive2 2 2 8 0 0 2 1 0 1 64
1 ""
0 
Array 7 1 32767 0 0 2 1 0 1 64
1 0 
0 
COSY 1 1 9.99999984307e+17 -9.99999984307e+17 0 2 1 0 1 64
1 0 
0 
CPMG 1 1 9.99999984307e+17 -9.99999984307e+17 0 2 1 0 1 64
1 1 
0 
Gmap 2 2 8 0 0 2 1 1 1 64
1 "lk"
0 
EZ 1 1 9.99999984307e+17 -9.99999984307e+17 0 2 1 0 1 64
1 0 
0 
EDratio 1 1 9.99999984307e+17 -9.99999984307e+17 0 2 1 0 1 64
1 1 
0 
Gmapname 2 2 8 0 0 2 1 1 1 64
1 ""
0 
Qins 1 1 9.99999984307e+17 -9.99999984307e+17 0 2 1 0 1 64
1 80 
0 
PFGflg 4 2 4 0 0 2 1 0 1 64
1 "y"
0 
MinSW 2 2 8 0 0 3 1 0 1 64
1 "skip"
4 "off" "auto" "manual" "skip" 
H1reffrq 1 1 9.99999984307e+17 -9.99999984307e+17 0 2 1 0 1 64
1 499.871012306 
0 
Qgain 1 1 9.99999984307e+17 -9.99999984307e+17 0 2 1 0 1 64
1 30 
0 
Qinsref 1 1 9.99999984307e+17 -9.99999984307e+17 0 2 1 0 1 64
1 7.4912e-05 
0 
Qmult 1 1 9.99999984307e+17 -9.99999984307e+17 0 2 1 0 1 64
1 0.5 
0 
alfa 6 1 8190 0 0.4 2 1 2 1 64
1 0 
0 
acqdim 7 1 32767 0 0 2 1 0 1 64
1 1 
0 
ZQC 1 1 9.99999984307e+17 -9.99999984307e+17 0 2 1 0 1 64
1 0 
0 
TOCSY 1 1 9.99999984307e+17 -9.99999984307e+17 0 2 1 0 1 64
1 1 
0 
SECSY 1 1 9.99999984307e+17 -9.99999984307e+17 0 2 1 0 1 64
1 0 
0 
acqcycles 1 1 9.99999984307e+17 -9.99999984307e+17 0 2 1 0 1 64
1 1 
0 
actionid 2 2 8 0 0 4 1 0 1 64
1 "null"
0 
acqstatus 7 1 32767 0 0 2 1 256 1 64
2 101 0 
0 
acqpath 2 2 8 0 0 2 1 0 1 64
1 ""
0 
adirtmplt 2 2 8 0 0 2 1 0 1 64
1 "$userdir$/data"
0 
adir2tmplt 2 2 8 0 0 2 1 0 1 64
1 ""
0 
aig 2 2 2 0 0 4 1 1 1 64
1 "ai"
2 "nm" "ai" 
apptype 2 2 8 0 0 2 1 1 1 64
1 "homo2D"
0 
ap 2 2 1023 0 0 4 1 6 1 64
1 "1:SAMPLE:date,solvent,sample;1:ACQUISITION:sw:1,at:3,np:0,fb:0,ss(ss):0,d1:3,nt:0;1:2D ACQUISITION:sw1:1,ni,d2(d2):0;1:TRANSMITTER:tn,sfrq:3,tof:1,tpwr:0,pw:3;1:TOCSY:mix:3,slpw,slpwr:3,trim:4;1:PRESATURATION:satmode,wet;1:DECOUPLER:dn,dm;2:FLAGS:hs,sspul,PFGflg,hsglvl;2:SPECIAL:temp:1,gain:0,spin:0;2:F2 PROCESSING:lb(lb):2,sb(sb):3,sbs(sb):3,gf(gf):3,gfs(gf):3,awc(awc):3,lsfid(lsfid):0,phfid(phfid):1,proc(proc<>'ft'),fn;2:F1 PROCESSING:lb1(lb1):2,sb1(sb1):3,sbs1(sb1):3,gf1(gf1):3,gfs1(gf1):3,awc1(awc1):3,proc1(proc1<>'ft'),fn1:0;2:DISPLAY:sp:1,wp:1,sp1:1,wp1:1,rfl:1,rfp:1,rfl1:1,rfp1:1;2:PLOT:wc:1,sc:1,wc2:1,sc2:1,vs:0,th:0,aig*,dcg*,dmg*;"
0 
alock 2 2 8 0 0 2 1 0 1 64
1 "n"
5 "a" "n" "s" "u" "y" 
array 2 2 256 0 0 2 1 1 1 64
1 ""
0 
archivedir 2 2 8 0 0 2 1 0 1 64
1 ""
0 
arraydelta 7 1 32767 0 0 2 1 0 1 64
1 1 
0 
cf 7 1 32767 0 1 3 1 1 0 64
1 1 
0 
at 1 1 14 14 14 2 1 8203 1 64
1 0.799968 
0 
arraymax 7 1 32767 0 0 2 1 0 1 64
1 40 
0 
arrayelemts 1 1 9.99999984307e+17 -9.99999984307e+17 0 2 1 0 1 64
1 0 
0 
arraydscale 4 2 4 0 0 2 1 0 1 64
1 "n"
0 
arraydodc 4 2 4 0 0 2 1 0 1 64
1 "n"
0 
arrayflip 4 2 4 0 0 2 1 0 1 64
1 "n"
0 
arraystop 7 1 32767 0 0 2 1 0 1 64
1 15 
0 
arraystart 7 1 32767 0 0 2 1 0 1 64
1 1 
0 
arraywhitewash 4 2 4 0 0 2 1 0 1 64
1 "n"
0 
axisf 4 2 4 0 0 4 1 0 1 64
1 "s"
4 "m" "n" "s" "u" 
awc 1 1 1 -1 0.001 3 1 1 0 64
1 0 
0 
avwdir 2 2 8 0 0 3 1 0 1 64
1 ""
0 
awc1 1 1 1 -1 0.001 3 1 1 0 64
1 0 
0 
axis 4 2 4 0 0 4 1 0 1 64
1 "h"
11 "c" "d" "1" "2" "3" "h" "k" "m" "n" "p" "u" 
c13wet 4 2 4 0 0 2 1 0 1 64
1 "n"
0 
bs 7 1 32767 0 1 2 1 0 1 64
1 32 
0 
bipflg 2 2 8 0 0 2 1 8 1 64
1 "nn"
0 
celem 1 1 9.99999984307e+17 -9.99999984307e+17 0 2 1 0 1 64
1 1 
0 
console 2 2 8 0 0 2 1 0 1 64
1 "vnmrs"
0 
comment 2 2 8 0 0 3 1 0 1 64
1 ""
0 
chirp2 1 1 9.99999984307e+17 -9.99999984307e+17 0 2 1 0 1 64
1 0.05 
0 
chirp1 1 1 9.99999984307e+17 -9.99999984307e+17 0 2 1 0 1 64
1 0.03 
0 
compshape 2 2 8 0 0 2 1 0 1 64
1 "hard"
0 
composit 4 2 4 0 0 2 1 0 1 64
1 "n"
0 
concentration 1 1 9.99e+17 -9.99e+17 0 2 1 0 1 64
1 0 
0 
cppauseflg 4 2 4 0 0 4 1 0 1 64
1 "n"
0 
cp 2 2 1 0 0 2 1 0 1 64
1 "y"
2 "y" "n" 
cosy 2 2 8 0 0 2 1 0 1 64
1 "y"
0 
cr1 1 1 1000000000 -1000000000 0 4 1 3 1 64
1 3116.07278458 
0 
cr 1 1 1000000000 -1000000000 0 4 1 1 1 64
1 2395.27742622 
0 
crf 1 1 9.99999984307e+17 -9.99999984307e+17 0 4 1 0 1 64
1 0.794528627243 
0 
dn2shapes 2 2 8 0 0 2 1 256 1 64
3 ""
""
""
0 
delta1 1 1 5000000 0 0 4 1 3 1 64
1 71.1609887295 
0 
ddrtc 6 1 1000 0 0.4 2 1 0 1 64
1 41.2 
0 
dataid 2 2 8 0 0 3 1 0 1 64
1 ""
0 
d2 3 1 14 14 14 2 1 8194 1 64
1 0.01 
0 
cutoff 1 1 9.99999984307e+17 -9.99999984307e+17 0 4 1 0 0 64
1 200 
0 
customflag 4 2 4 0 0 4 1 0 1 64
1 "n"
0 
d1 3 1 14 14 14 2 1 8194 1 64
1 4 
0 
dataProcessed 1 1 9.99999984307e+17 -9.99999984307e+17 0 3 1 0 1 64
1 0 
0 
dbwwet 1 1 9.99999984307e+17 -9.99999984307e+17 0 2 1 0 1 64
1 5000 
0 
date 2 2 9 0 0 2 1 1 1 64
1 "Sep 17 2025"
0 
datname 2 2 8 0 0 3 1 0 1 64
1 ""
0 
dcrmv 4 2 9.99999984307e+17 -9.99999984307e+17 0 4 1 0 1 64
1 "n"
2 "y" "n" 
dcg 2 2 3 0 0 4 1 1 1 64
1 ""
2 "dc" "cdc" 
ddrpm 2 2 8 0 0 2 1 0 1 64
1 "p"
0 
decwavewet 2 2 8 0 0 2 1 0 1 64
1 "w"
0 
dec3wave 2 2 8 0 0 2 1 0 1 64
1 "g"
0 
dec2wave 2 2 8 0 0 2 1 0 1 64
1 "g"
0 
decwave 2 2 8 0 0 2 1 0 1 64
1 "W40_HCN5mm"
0 
delta 1 1 5000000 0 0 4 1 1 1 64
1 1173.79005509 
0 
dhp 1 1 9 9 9 2 1 8192 0 64
1 40 
0 
dglp 2 2 8 0 0 4 1 7 1 64
1 "1(lpfilt):LP:lpalg,lpopt,lpfilt:0,lpnupts:0,strtlp:0,lpext:0,strtext:0;2(lpfilt1):LP 1:lpalg1,lpopt1,lpfilt1:0,lpnupts1:0,strtlp1:0,lpext1:0,strtext1:0;3(lpfilt2):LP 2:lpalg2,lpopt2,lpfilt2:0,lpnupts2:0,strtlp2:0,lpext2:0,strtext2:0;4:LP OUTPUT:lpprint(lpfilt):0,lptrace(lpfilt):0,lpprint1(lpfilt1):0,lptrace1(lpfilt1):0,lpprint2(lpfilt2):0,lptrace2(lpfilt2):0;"
0 
dg 2 2 1023 0 0 4 1 6 1 64
1 "1:ACQUISITION:seqfil,sw:1,at:3,np:0,ss(ss):0,d1:3,d2(d2):3,nt:0,ct:0;1:2D ACQUISITION:sw1:1,ni,phase;2:TRANSMITTER:tn,sfrq:3,tof:1,tpwr:0,pw:3;2:DECOUPLER:dn,dm;2:SPIN LOCK:slpatT,spinlockT,slpwrT,slpwT:3,mixT:3,trim:4;3:FLAGS:il(il<>'n'),dp(dp<>'y'),hs,sspul,PFGflg,hsglvl,hsgt:6;3:SAMPLE:date,solvent,sample;3:SPECIAL:temp:1,spin:0,gain:0;4:PRESATURATION:satmode,wet;4:Details in dgss:;4:PROCESSING:cf(nf):0,lb(lb):2,sb(sb):3,sbs(sb):3,gf(gf):3,gfs(gf):3,awc(awc):3,proc(proc<>'ft'),fn:0,math(math<>'f');4:2D PROCESSING:lb1(lb1):2,sb1(sb1):3,sbs1(sb1):3,gf1(gf1):3,gfs1(gf1):3,awc1(awc1):3,proc1(proc1<>'ft'),fn1:0;"
0 
deltaf 1 1 100 0 0 4 1 0 1 64
1 0.0843648 
0 
dfrq 5 1 1000000000 -1000000000 0 2 1 8 1 64
1 125.7045783 
0 
dg1 2 2 1023 0 0 4 1 6 1 64
1 "1:DISPLAY:sp:1,wp:1,vs:0;1:REFERENCE:rfl:1,rfp:1,cr:1,delta:1;1:PHASE:lp:1,rp:1,rp1(ni):1,lp1(ni):1;2:CHART:sc:0,wc:0,hzmm:2,vp:0,axis,pltmod,,th:0,,ho:2,vo:2,,trace:2;3(ni):2D:sp1:1,wp1:1,sc2:0,wc2:0,rfl1:1,rfp1:1;3:FLAGS:aig*,dcg*,dmg*;3:FID:sf:3,wf:3,vf:0;4:INTEGRAL:intmod,is:2,ins:3,io:0,,lvl:3,tlt:3;"
0 
dg2 2 2 8 0 0 4 1 4 1 64
6 "1:1st DECOUPLING:dfrq:3,dn,dpwr:0,dof:1,dm,dmm,dmf:0,dseq,dres:1,homo;"
"2(numrfch>2):2nd DECOUPLING:dfrq2:3,dn2,dpwr2:0,dof2:1,dm2,dmm2,dmf2:0,dseq2,dres2:1,homo2;"
"2(numrfch>3):3rd DECOUPLING:dfrq3:3,dn3,dpwr3:0,dof3:1,dseq3,dres3:1,homo3;"
"3(ni2):3D ACQUISITION:d3:3,sw2:1,ni2:0,phase2:0;"
"3(ni2):3D DISPLAY:rp2:1,lp2:1;"
"4(ni2):3D PROCESSING:lb2:3,sb2:3,sbs2(sb2):3,gf2:3,gfs2(gf2):3,awc2:3,wtfile2,proc2,fn2:0;"
0 
dgss 2 2 8 0 0 4 1 6 1 64
1 "1:WET:wet,wetshape,wetpwr,pwwet:3,composit,compshape,gzlvlw,gtw:6,gswet:6,dz:6;2:C13 WET:c13wet,dofwet:1,dpwrwet,dmfwet,decwavewet;4:PRESAT:satmode,satpwr,satdly:3,satfrq:1;"
0 
dgs 2 2 1023 0 0 4 1 6 1 64
5 "1:AXIAL SHIMS:z1:0,z2:0,z3:0,z4:0,z5:0,z6:0,z7:0;"
"2:NON AXIAL SHIMS:x1:0,y1:0,xz:0,yz:0,xy:0,x2y2:0,x3:0,y3:0,xz2:0,yz2:0,zxy:0,zx2y2:0,z3x:0,z3y:0,z2x2y2:0,z2xy:0;"
"3:NON AXIAL SHIMS:zx3:0,zy3:0,x4:0,y4:0,z4x:0,z4y:0,z3x2y2:0,z3xy:0,z2x3:0,z2y3:0,z3x3:0,z3y3:0,z4x2y2:0,z4xy:0,z5x:0,z5y:0;"
"4:AUTOMATION:method,wshim,load,,spin:0,gain:0,alock,loc:0;"
"4:SPECIAL:temp;"
0 
dgssm 2 2 8 0 0 4 1 6 1 64
1 "1:WET:wet,gzlvlw,gtw:6,gswet:6,dz:6;1:C13 WET:c13wet,dofwet:1,dpwrwet,dmfwet;2:WETshapes:wetshape1,wetshape2,wetshape3,wetshape4;3:WETpowers:wetpwr1,wetpwr2,wetpwr3,wetpwr4;3:WETpulses:pwwet1:3,pwwet2:3,pwwet3:3,pwwet4:3;4:PRESAT:satmode,satpwr,satdly:3,satfrq:1;"
0 
dmfwet 7 1 32767 0 0 2 1 0 1 64
1 5517 
0 
dm 4 2 4 0 0 2 1 0 1 64
1 "nnn"
4 "a" "n" "s" "y" 
displaymode 4 2 9.99999984307e+17 -9.99999984307e+17 0 4 1 0 1 64
1 "r"
0 
disCmd 2 2 8 0 0 4 1 0 1 64
1 ""
0 
dlp 7 1 10 10 10 2 1 8194 0 64
1 10 
0 
dmf 7 1 11 11 11 2 1 8194 1 64
1 200 
0 
dmm 4 2 4 0 0 2 1 0 1 64
1 "ccc"
9 "c" "f" "g" "m" "p" "r" "u" "w" "x" 
dmg1 2 2 8 0 0 4 1 0 1 64
1 "ph1"
4 "" "av1" "ph1" "pwr1" 
dmg 2 2 2 0 0 4 1 3 1 64
1 "ph"
0 
dn 2 2 4 0 0 2 1 8 1 64
1 "C13"
0 
dmmwet 2 2 8 0 0 2 1 0 1 64
1 "w"
0 
dn2ref 2 2 8 0 0 4 1 1 1 64
1 ""
0 
dp 2 2 1 0 0 2 1 0 1 64
1 "y"
2 "y" "n" 
dnref 2 2 8 0 0 4 1 1 1 64
1 "Me4Si, 1% in CDCl3"
0 
dn4ref 2 2 8 0 0 4 1 1 1 64
1 ""
0 
dn3shapes 2 2 8 0 0 2 1 256 1 64
3 ""
""
""
0 
dn3ref 2 2 8 0 0 4 1 1 1 64
1 ""
0 
dnbippwr 1 1 63 -16 1 2 1 0 1 64
1 61 
0 
dnbippw 6 1 1000000 0 0.025 2 1 0 1 64
1 30.2 
0 
dnbipshp 2 2 8 0 0 2 1 0 1 64
1 "hard"
0 
dofwet 5 1 1000000000 -1000000000 0 2 1 0 1 64
1 0 
0 
dod 3 1 14 14 14 2 1 8194 1 64
1 0.00999999977648 
0 
dnshapes 2 2 8 0 0 2 1 256 1 64
3 ""
""
""
0 
dof 5 1 8 8 8 2 1 8202 1 64
1 0 
0 
doscout 7 1 10 -10 1 2 1 0 1 64
1 0 
0 
dopwCal 2 2 8 0 0 2 1 256 1 64
3 "n"
"4.0"
"1.0"
0 
dotflag 2 2 8 0 0 4 1 0 1 64
1 "n"
2 "n" "y" 
dreswet 1 1 9.99999984307e+17 -9.99999984307e+17 0 2 1 0 1 64
1 90 
0 
dpwr 1 1 9 9 9 2 1 8194 1 64
1 0 
0 
dpf_wc2 1 1 9.99999984307e+17 -9.99999984307e+17 0 4 1 0 1 64
1 159 
0 
dpatwet 2 2 8 0 0 2 1 0 1 64
1 "waltz16"
0 
dreffrq 1 1 9.99999984307e+17 -9.99999984307e+17 0 2 1 0 1 64
1 125.692666019 
0 
dpwrwet 1 1 9.99999984307e+17 -9.99999984307e+17 0 2 1 0 1 64
1 39 
0 
dres 7 1 360 1 0 2 1 0 1 64
1 1 
0 
dss_sc 1 1 9.99999984307e+17 -9.99999984307e+17 0 4 1 0 1 64
1 0 
0 
dseq 2 2 8 0 0 2 1 0 1 64
1 "garp1"
0 
dsSelect 7 1 32767 0 0 4 1 0 1 64
15 1 2 3 4 5 6 7 8 9 10 11 12 13 14 15 
0 
dseqwet 2 2 8 0 0 2 1 0 1 64
1 "waltz16"
0 
dss_wc 1 1 9.99999984307e+17 -9.99999984307e+17 0 4 1 0 1 64
1 234 
0 
dss_sc2 1 1 9.99999984307e+17 -9.99999984307e+17 0 4 1 0 1 64
1 0 
0 
dss_wc2 1 1 9.99999984307e+17 -9.99999984307e+17 0 4 1 0 1 64
1 159 
0 
hdfrqw 1 1 9.99999984307e+17 -9.99999984307e+17 0 2 1 256 0 64
1 10 
0 
gstabAB 3 1 14 14 14 2 1 8192 1 64
1 0.0005 
0 
foldflg 4 2 4 0 0 3 1 0 1 64
1 "y"
0 
fb 7 1 6 6 6 2 1 8203 1 64
1 4000 
0 
explabel 2 2 8 0 0 2 1 0 1 64
1 "sel_CLIP_COSY"
0 
emailwhen 2 2 8 0 0 2 1 0 1 64
1 ""
0 
emailaddr 2 2 8 0 0 4 1 0 1 64
1 ""
0 
dz 3 1 14 14 14 2 1 8192 1 64
1 1e-05 
0 
emessage 4 2 4 0 0 2 1 0 1 64
1 "n"
0 
f1coef 2 2 8 0 0 3 1 1 1 64
1 "1 0 0 0 0 0 -1 0"
0 
exppath 2 2 8 0 0 2 1 0 1 64
1 "/home/hyq_m01/vnmrsys/exp1036/acqfil"
0 
explist 2 2 8 0 0 2 1 256 1 64
1 "bashdTOCSY"
0 
f1SW 2 2 8 0 0 2 1 1 1 64
1 ""
0 
faculty 2 2 8 0 0 2 1 0 1 64
1 ""
0 
f2SW 2 2 8 0 0 2 1 1 1 64
1 ""
0 
fadflg 4 2 4 0 0 2 1 0 1 64
1 "y"
0 
fidscanmode 4 2 9.99999984307e+17 -9.99999984307e+17 0 4 1 0 1 64
1 "r"
0 
fbshp 2 2 8 0 0 2 1 0 1 64
1 "hard"
0 
fbpw 6 1 1000000 0 0.025 2 1 0 1 64
1 8630 
0 
fbpwr 1 1 9.99999984307e+17 -9.99999984307e+17 0 2 1 0 1 64
1 4 
0 
fdffile 2 2 8 0 0 3 1 0 1 64
1 ""
0 
fdfdir 2 2 8 0 0 3 1 0 1 64
1 ""
0 
fidid 2 2 8 0 0 2 1 0 1 64
1 ""
0 
flipback 4 2 4 0 0 2 1 0 1 64
1 "n"
0 
filter 7 1 1000000000 0 1 2 1 2 1 64
1 54.0999984741 
0 
file 2 2 6 0 0 2 1 3 1 64
1 "exp"
0 
filtfile 2 2 8 0 0 2 1 0 1 64
1 ""
0 
fn 7 1 524288 64 -2 3 1 1 1 64
1 65536 
0 
fn1 7 1 524288 64 -2 3 1 1 1 64
1 4096 
0 
gfs 1 1 1000 -1000 0.001 3 1 1 0 64
1 0 
0 
fzoom 7 1 32767 0 0 4 1 0 1 64
1 0 
0 
fpmult1 1 1 1000000000 0 0 3 2 0 0 64
1 0.5 
0 
fpmult 1 1 1000000000 0 0 3 1 0 0 64
1 1 
0 
ftproc 1 1 9.99999984307e+17 -9.99999984307e+17 0 3 1 256 1 64
2 1 13 
0 
gf 1 1 100000 0 0 3 1 1 0 64
1 0 
0 
gain 1 1 60 0 2 2 1 0 1 64
1 40 
0 
gf1 1 1 100000 0 0 3 1 1 1 64
1 0.0073225152 
0 
go_id 2 2 8 0 0 2 1 7 1 64
1 "exp1036.hyq_m01.UP500M_1758101985_281360"
0 
gmapspin 2 2 8 0 0 2 1 0 1 64
1 "n"
2 "n" "y" 
gfs1 1 1 1000 -1000 0.001 3 1 1 0 64
1 0 
0 
go_Options 2 2 8 0 0 2 1 7 1 64
1 "ga"
0 
gstab2 3 1 14 14 14 2 1 8192 1 64
1 0.0005 
0 
gstab 3 1 14 14 14 2 1 8192 1 64
1 0.0005 
0 
gzlvl2 1 1 1000000 -1000000 1 2 1 0 1 64
1 4000 
0 
gtE 3 1 14 14 14 2 1 8192 1 64
1 0.001 
0 
gt6 3 1 14 14 14 2 1 8192 1 64
1 0.001 
0 
gt2 3 1 14 14 14 2 1 8192 1 64
1 0.0015 
0 
gt0 3 1 14 14 14 2 1 8192 1 64
1 0.0016 
0 
gswet 3 1 14 14 14 2 1 8192 1 64
1 0.002 
0 
gt1 3 1 14 14 14 2 1 8192 1 64
1 0.001 
0 
gt4 3 1 14 14 14 2 1 8192 1 64
1 0.0012 
0 
gt3 3 1 14 14 14 2 1 8192 1 64
1 0 
0 
gt5 3 1 14 14 14 2 1 8192 1 64
1 0.0014 
0 
gtA 3 1 14 14 14 2 1 8192 1 64
1 0.001 
0 
gt8 3 1 14 14 14 2 1 8192 1 64
1 0.001 
0 
gt7 3 1 14 14 14 2 1 8192 1 64
1 0.001 
0 
gt9 3 1 14 14 14 2 1 8192 1 64
1 0.001 
0 
gtC 3 1 14 14 14 2 1 8192 1 64
1 0.001 
0 
gtB 3 1 14 14 14 2 1 8192 1 64
1 0.001 
0 
gtD 3 1 14 14 14 2 1 8192 1 64
1 0 
0 
gtz 3 1 14 14 14 2 1 8192 1 64
1 0.002 
0 
gtE2 1 1 9.99999984307e+17 -9.99999984307e+17 0 2 1 0 1 64
1 2e-05 
0 
gtE1 1 1 9.99999984307e+17 -9.99999984307e+17 0 2 1 0 1 64
1 0.001 
0 
gtw 3 1 14 14 14 2 1 8192 1 64
1 0.002 
0 
gzlvl0 1 1 1000000 -1000000 1 2 1 0 1 64
1 0 
0 
gxppars 2 2 8 0 0 2 1 0 1 64
1 ""
0 
gzlvl1 1 1 1000000 -1000000 1 2 1 0 1 64
1 0 
0 
gzlvlE 1 1 1000000 -1000000 1 2 1 0 1 64
1 400 
0 
gzlvlA 1 1 1000000 -1000000 1 2 1 0 1 64
1 3827 
0 
gzlvl6 1 1 1000000 -1000000 1 2 1 0 1 64
1 0 
0 
gzlvl4 1 1 1000000 -1000000 1 2 1 0 1 64
1 0 
0 
gzlvl3 1 1 1000000 -1000000 1 2 1 0 1 64
1 0 
0 
gzlvl5 1 1 1000000 -1000000 1 2 1 0 1 64
1 0 
0 
gzlvl8 1 1 1000000 -1000000 1 2 1 0 1 64
1 0 
0 
gzlvl7 1 1 1000000 -1000000 1 2 1 0 1 64
1 0 
0 
gzlvl9 1 1 1000000 -1000000 1 2 1 0 1 64
1 0 
0 
gzlvlC 1 1 1000000 -1000000 1 2 1 0 1 64
1 -1000 
0 
gzlvlB 1 1 1000000 -1000000 1 2 1 0 1 64
1 5741 
0 
gzlvlD 1 1 1000000 -1000000 1 2 1 0 1 64
1 0 
0 
gzlvlz 1 1 9.99999984307e+17 -9.99999984307e+17 0 2 1 0 1 64
1 9569 
0 
gzlvlE4 1 1 9.99999984307e+17 -9.99999984307e+17 0 2 1 0 1 64
1 4000 
0 
gzlvlE2 1 1 9.99999984307e+17 -9.99999984307e+17 0 2 1 0 1 64
1 5000 
0 
gzlvlE1 1 1 9.99999984307e+17 -9.99999984307e+17 0 2 1 0 1 64
1 6000 
0 
gzlvlw 1 1 9.99999984307e+17 -9.99999984307e+17 0 2 1 0 1 64
1 14354 
0 
gzlvlzq3 1 1 1000000 -1000000 1 2 1 0 1 64
1 4000 
0 
gzlvlzq2 1 1 1000000 -1000000 1 2 1 0 1 64
1 600 
0 
gzlvlzq1 1 1 1000000 -1000000 1 2 1 0 1 64
1 400 
0 
hdfrqc 5 1 1000000000 -1000000000 0 2 1 256 0 64
1 0 
0 
isjacq 1 1 9.99999984307e+17 -9.99999984307e+17 0 2 1 0 1 64
1 0 
0 
hsgt 3 1 14 14 14 2 1 8192 1 64
1 0.002 
0 
hdseq 2 2 8 0 0 2 1 0 1 64
1 ""
0 
hdpsmode 4 2 4 0 0 2 1 0 1 64
1 "n"
0 
hdmf 1 1 9.99999984307e+17 -9.99999984307e+17 0 2 1 0 1 64
1 600 
0 
hdof 5 1 7 7 7 2 1 8194 1 64
1 0 
0 
hdpwrf 1 1 4095 0 0 2 1 0 1 64
1 4095 
0 
hdpwr 7 1 49 -16 1 2 1 2 1 64
1 1 
0 
hdres 1 1 9.99999984307e+17 -9.99999984307e+17 0 2 1 0 1 64
1 9 
0 
homo 2 2 8 0 0 2 1 8 1 64
1 "n"
2 "n" "y" 
ho 1 1 500 -500 0 4 1 1 1 64
1 -15.6714285714 
0 
hdwave 2 2 8 0 0 2 1 0 1 64
1 "SEDUCE1"
0 
hs 4 2 4 0 0 2 1 0 1 64
1 "nn"
2 "n" "y" 
homodec 4 2 4 0 0 2 1 0 1 64
1 "n"
0 
hsglvl 1 1 1000000 -1000000 1 2 1 0 1 64
1 0 
0 
ins2ref 1 1 9.99999984307e+17 -9.99999984307e+17 0 4 1 0 1 64
1 1 
0 
il 2 2 1 0 0 2 1 0 1 64
1 "n"
2 "y" "n" 
hzmm 1 1 1000000000 -1000000000 0 4 1 11 1 64
1 12.7334226884 
0 
hst 3 1 0.02 0 2.5e-08 2 1 2 1 64
1 0.00800000037998 
0 
ident 2 2 8 0 0 3 1 0 1 64
1 ""
0 
ins 3 1 8190 0 1e-07 4 1 3 1 64
1 100 
0 
in 4 2 1 0 0 2 1 0 1 64
1 "n"
3 "n" "w" "y" 
ins2 1 1 9.99999984307e+17 -9.99999984307e+17 0 4 1 0 1 64
1 1 
0 
investigator 2 2 8 0 0 4 1 0 1 64
1 ""
0 
intmod 2 2 8 0 0 4 1 0 1 64
1 "off"
3 "off" "partial" "full" 
insref 1 1 9.99999984307e+17 -9.99999984307e+17 0 4 1 0 0 64
1 1 
0 
intstd 2 2 8 0 0 2 1 0 1 64
1 ""
0 
io 1 1 500 -500 0.1 4 1 1 1 64
1 10 
0 
invgcal 1 1 1000000 -1000000 1 2 1 0 1 64
1 0 
0 
is 1 1 1000000000 1e-06 0 4 1 3 1 64
1 33.5734901428 
0 
lockgain_ 1 1 48 0 1 2 1 65552 1 64
1 25 
0 
lifrq 1 1 1000000000 -1000000000 0 4 1 0 0 64
1 0 
0 
lb1 1 1 100000 -100000 0 3 1 1 0 64
1 0.318309992552 
0 
layout 2 2 8 0 0 4 1 0 1 64
1 "sel_CLIP_COSY"
0 
iswt 1 1 9.99999984307e+17 -9.99999984307e+17 0 2 1 0 1 64
1 0 
0 
lb 1 1 100000 -100000 0 3 1 1 0 64
1 0.5 
0 
liamp 1 1 1000000000 0 0 4 1 0 0 64
1 0 
0 
lcpeak_ 7 1 32767 0 0 2 1 32768 1 64
1 0 
0 
load 2 2 4 0 0 2 1 3 1 64
1 "n"
2 "y" "n" 
llfrq 1 1 1000000000 -1000000000 0 4 1 0 0 64
26 4668.11351287 4655.15332344 4629.47747646 4236.7592836 4199.59043845 4189.56463154 4179.7833565 4171.95833646 4164.37784831 4156.06376452 4127.69806691 4087.35030737 4077.07996857 4067.05416166 4020.10404147 4015.45793582 4007.38838391 4005.92119266 3997.60710887 3993.69459886 3985.38051507 3963.61717811 3180.62611115 3167.9104536 3155.19479605 3142.23460662 
0 
llamp 1 1 1000000000 0 0 4 1 0 0 64
26 -2.51712644967e-05 1.1354984963e-05 -1.09216880446e-05 1.02615549622e-05 1.72712207132e-05 2.80299391306e-05 4.52676758869e-05 4.53256579931e-05 3.21896841342e-05 1.49304696606e-05 9.63218099059e-06 9.72423913481e-06 1.73422467924e-05 1.16998062367e-05 7.3105962656e-05 7.36239453545e-05 0.000107944913907 0.000117698553368 4.93291190651e-05 3.84560917155e-05 -1.33048861244e-05 -1.00056931842e-05 2.45675964834e-05 5.39524335181e-05 4.96438515256e-05 1.36816179293e-05 
0 
lllabel 2 2 8 0 0 3 1 0 1 64
1 ""
0 
locdir 2 2 8 0 0 2 1 0 1 64
1 ""
0 
loc_ 7 1 12 12 12 2 1 8201 1 64
1 0 
0 
lockfreq_ 5 1 160 0 1e-07 2 1 9 1 64
1 76.7336 
0 
lpalg1 2 2 8 0 0 3 1 0 1 64
1 "lpfft"
0 
lot 2 2 8 0 0 2 1 0 1 64
1 ""
0 
lockpower_ 1 1 68 0 1 2 1 65552 1 64
1 53 
0 
lockphase_ 1 1 360 0 1 2 1 65552 1 64
1 300 
0 
longlist 2 2 8 0 0 2 1 0 1 64
1 ""
0 
lp1 1 1 3600 -3600 0.1 4 1 3 1 64
1 0 
0 
lp 1 1 3600 -3600 0.1 4 1 3 1 64
1 0 
0 
lpalg 2 2 8 0 0 3 1 0 1 64
1 "lpfft"
0 
lpfilt1 7 1 32767 1 1 3 1 0 1 64
1 8 
0 
lpext1 7 1 1000000 0 1 3 1 0 1 64
1 64 
0 
lpext 7 1 1000000 0 1 3 1 0 1 64
1 1 
0 
lpfilt 7 1 32767 1 1 3 1 0 1 64
1 32 
0 
lpnupts1 7 1 1000000 1 1 3 1 0 1 64
1 64 
0 
lpnupts 7 1 1000000 1 1 3 1 0 1 64
1 64 
0 
lpopt 2 2 8 0 0 3 1 0 1 64
1 "b"
0 
segstab 3 1 14 14 14 2 1 8192 1 64
1 0.0005 
0 
probetype_ 2 2 8 0 0 2 1 0 1 64
1 "liquids"
0 
parversion 1 1 9.99999984307e+17 -9.99999984307e+17 0 2 1 4 1 64
1 5.1 
0 
newmodules 2 2 8 0 0 2 1 1 1 64
1 ""
0 
markerfrq2 1 1 9.99999984307e+17 -9.99999984307e+17 0 2 1 0 1 64
1 0 
0 
lsfrq 1 1 9.99999984307e+17 -9.99999984307e+17 0 3 1 0 0 64
1 0 
0 
lptrace 7 1 32767 0 1 3 1 0 1 64
1 0 
0 
lpprint1 7 1 63 0 1 3 1 0 1 64
1 0 
0 
lpprint 7 1 63 0 1 3 1 0 1 64
1 0 
0 
lsfid 7 1 64000 -64000 1 3 1 0 0 64
1 0 
0 
lptrace1 7 1 32767 0 1 3 1 0 1 64
1 0 
0 
macro 2 2 6 0 0 4 1 3 1 64
1 ""
0 
lvl 1 1 1000000000 -1000000000 0 4 1 1 1 64
1 -0.515128049707 
0 
lsfrq1 1 1 9.99999984307e+17 -9.99999984307e+17 0 3 1 0 1 64
1 0 
0 
marker2 2 2 8 0 0 2 1 0 1 64
1 ""
0 
marker1 2 2 8 0 0 2 1 0 1 64
1 ""
0 
markerfrq1 1 1 9.99999984307e+17 -9.99999984307e+17 0 2 1 0 1 64
1 0 
0 
modules 2 2 8 0 0 2 1 1 1 64
1 "presat wet gradient quant par2D dpfgse spinlock zqfilter sel2D"
0 
mfslp 4 2 4 0 0 2 1 0 1 64
1 "n"
0 
method 2 2 6 0 0 2 1 3 1 64
1 "popupmethod"
0 
math 2 2 1 0 0 3 1 3 1 64
1 "f"
3 "d" "f" "i" 
mixR 3 1 0.6 0 1.25e-08 2 1 0 1 64
1 0.2 
0 
mixN 3 1 14 14 14 2 1 8192 1 64
1 0.5 
0 
mixT 3 1 0.2 0 1.25e-08 2 1 0 1 64
1 0.044 
0 
n3 2 2 6 0 0 4 1 3 1 64
1 ""
0 
n2 2 2 6 0 0 4 1 3 1 64
1 "n"
0 
n1 2 2 6 0 0 4 1 3 1 64
1 ""
0 
nameprefix 2 2 8 0 0 2 1 9 1 64
1 ""
0 
name 2 2 8 0 0 3 1 0 1 64
1 ""
0 
osfilt 2 2 8 0 0 2 1 0 1 64
1 ""
5 "a" "A" "b" "B" "" 
np2 1 1 9.99999984307e+17 -9.99999984307e+17 0 2 1 0 1 64
1 100 
0 
np 7 1 524288 32 2 2 1 11 1 64
1 12820 
0 
notebook 2 2 8 0 0 2 1 0 1 64
1 ""
0 
ni 7 1 32767 0 0 2 1 0 1 64
1 1 
0 
np1 1 1 9.99999984307e+17 -9.99999984307e+17 0 2 1 0 1 64
1 0 
0 
obsSW 2 2 8 0 0 2 1 1 1 64
1 "setsw(4.5,-0.4)"
0 
nt 7 1 1000000000 1 1 2 1 2 1 64
1 256 
0 
numvch 7 1 32767 0 0 2 1 256 1 64
4 4 2 1 0 
0 
oscoef 7 1 49999 3 2 2 1 1 0 64
1 31 
0 
operator_ 2 2 128 0 0 2 1 32772 1 64
1 "hyq_m01"
0 
osfb 1 1 100000 0 0 2 1 1 0 64
1 0 
0 
pad 3 1 14 14 14 2 1 8194 1 64
1 0.5 
0 
p11console 2 2 8 0 0 2 1 0 1 64
1 ""
0 
oversamp 7 1 68 0 1 2 1 9 1 64
1 1 
0 
oslsfrq 1 1 9.99999984307e+17 -9.99999984307e+17 0 2 1 1 0 64
1 0 
0 
p1 6 1 13 13 13 2 1 8194 1 64
1 14 
0 
p2pwr 1 1 9.99999984307e+17 -9.99999984307e+17 0 2 1 0 1 64
1 24 
0 
p1pwr 1 1 9.99999984307e+17 -9.99999984307e+17 0 2 1 0 1 64
1 26 
0 
p3pwr 1 1 9.99999984307e+17 -9.99999984307e+17 0 2 1 0 1 64
1 43 
0 
parstyle_ 2 2 8 0 0 4 1 0 1 64
1 "ppa"
0 
paramChanged 1 1 9.99999984307e+17 -9.99999984307e+17 0 2 1 0 1 64
1 0 
0 
page 2 2 8 0 0 2 1 0 1 64
1 ""
0 
parlabel 2 2 8 0 0 2 1 5 1 64
1 "bashdTOCSY"
0 
parver 2 2 8 0 0 2 1 0 1 64
1 "VnmrJ VERSION 4.0 REVISION A"
0 
prcopt 4 2 4 0 0 2 1 0 1 64
1 "y"
0 
pltmod 2 2 8 0 0 4 1 0 1 64
1 "fixed"
5 "off" "fixed" "full" "variable" "user" 
phfid1 1 1 3600 -3600 0.1 3 1 0 0 64
1 0 
0 
phase 7 1 8 0 1 2 1 0 1 64
1 1 
0 
phfid 1 1 3600 -3600 0.1 3 1 0 0 64
1 0 
0 
plocklist 2 2 8 0 0 2 1 1 1 64
1 ""
0 
pkpick_ 2 2 8 0 0 4 1 0 1 64
1 ""
0 
plt2Darg 2 2 8 0 0 4 1 272 1 64
8 "both"
"7"
"1.5"
"f2"
"f1"
""
""
""
0 
position2 2 2 8 0 0 3 1 0 1 64
1 ""
0 
pmode 2 2 8 0 0 3 1 0 1 64
1 "partial"
0 
pltopt 4 2 4 0 0 2 1 0 1 64
1 "n"
0 
position1 2 2 8 0 0 3 1 0 1 64
1 ""
0 
pplvl 1 1 63 -16 1 2 1 0 1 64
1 55 
0 
pp 6 1 13 13 13 2 1 8192 1 64
1 72 
0 
pplvl_cf 1 1 9.99999984307e+17 -9.99999984307e+17 0 2 1 0 1 64
1 1 
0 
prgflg 4 2 4 0 0 2 1 8 1 64
1 "n"
0 
prescan 2 2 8 0 0 3 1 256 1 64
11 "Not done"
"Not done"
"off"
"off"
"off"
"off"
"off"
"on"
"on"
""
""
0 
presatgh2 1 1 9.99999984307e+17 -9.99999984307e+17 0 2 1 0 1 64
1 10 
0 
preacq 6 1 13 13 13 2 1 8192 0 64
1 0 
0 
presatinit 4 2 4 0 0 2 1 0 1 64
1 "n"
0 
prgd1 3 1 14 14 14 2 1 8192 1 64
1 0.0002 
0 
prgcycle 7 1 32767 0 0 2 1 8 1 64
1 2 
0 
prgd2 3 1 14 14 14 2 1 8192 1 64
1 0.0002 
0 
prggzlvl 1 1 1000000 -1000000 1 2 1 0 1 64
1 18660 
0 
prggt 3 1 14 14 14 2 1 8192 1 64
1 0.001 
0 
prggstab 3 1 14 14 14 2 1 8192 1 64
1 0.0005 
0 
priority 7 1 32768 0 1 2 1 0 1 64
1 5 
0 
prgpw 6 1 13 13 13 2 1 8192 1 64
1 9.6 
0 
probe_ 2 2 8 0 0 2 1 8 1 64
1 "ID3PFG"
0 
r6 1 1 1e+18 -1e+18 0 4 1 1 1 64
1 0 
0 
pwx2lvl 1 1 63 -16 1 2 1 0 1 64
1 55 
0 
pw90 6 1 13 13 13 2 1 8194 1 64
1 9.6 
0 
processid 1 1 9.99999984307e+17 -9.99999984307e+17 0 3 1 0 1 64
1 0 
0 
proccmd 2 2 8 0 0 3 1 7 1 64
1 "wft('acq')"
0 
proc1 2 2 10 0 0 3 2 1 1 64
1 "lp"
0 
proc 2 2 10 0 0 3 1 1 1 64
1 "ft"
0 
procdim 7 1 32767 0 0 3 1 0 1 64
1 1 
0 
pslabel 2 2 8 0 0 2 1 11 1 64
1 "sel_CLIP_COSY"
0 
psatsolv 2 2 8 0 0 2 1 0 1 64
1 "D2O"
0 
protocols 2 2 8 0 0 3 1 0 1 64
1 ""
0 
pstof 5 1 1000000000 -1000000000 0 2 1 264 1 64
1 0 
0 
psppm 2 2 8 0 0 2 1 1 1 64
1 ""
0 
pw 6 1 13 13 13 2 1 8194 1 64
1 13.5 
0 
pwwet2 6 1 1000000 0 0.025 2 1 0 1 64
1 0 
0 
pwr_sel 1 1 9.99999984307e+17 -9.99999984307e+17 0 2 1 0 1 64
1 5 
0 
pw_sel2 1 1 9.99999984307e+17 -9.99999984307e+17 0 2 1 0 1 64
1 0.0626649 
0 
pw_sel 1 1 9.99999984307e+17 -9.99999984307e+17 0 2 1 0 1 64
1 0.0617 
0 
pwpat 1 1 9.99999984307e+17 -9.99999984307e+17 0 2 1 0 1 64
1 0 
0 
pwwet 6 1 1000000 0 0.025 2 1 0 1 64
1 0 
0 
pwr_sel2 1 1 9.99999984307e+17 -9.99999984307e+17 0 2 1 0 1 64
1 5 
0 
pwwet1 6 1 1000000 0 0.025 2 1 0 1 64
1 0 
0 
pwx180 6 1 1000000 0 0.025 2 1 0 1 64
1 30.2 
0 
pwwet4 6 1 1000000 0 0.025 2 1 0 1 64
1 0 
0 
pwwet3 6 1 1000000 0 0.025 2 1 0 1 64
1 0 
0 
pwx 6 1 13 13 13 2 1 8192 1 64
1 17 
0 
pwx180adR 2 2 8 0 0 2 1 0 1 64
1 "hard"
0 
pwx180ad 2 2 8 0 0 2 1 0 1 64
1 "hard"
0 
pwx2 6 1 13 13 13 2 1 8192 1 64
1 15 
0 
pwxlvl_cf 1 1 9.99999984307e+17 -9.99999984307e+17 0 2 1 0 1 64
1 1 
0 
pwx90shpR 2 2 8 0 0 2 1 0 1 64
1 "hard"
0 
pwx90 6 1 1000000 0 0.025 2 1 0 1 64
1 15 
0 
pwx2lvl_cf 1 1 9.99999984307e+17 -9.99999984307e+17 0 2 1 0 1 64
1 1 
0 
pwx90shp 2 2 8 0 0 2 1 0 1 64
1 "hard"
0 
pwxlvl180 1 1 63 -16 1 2 1 0 1 64
1 61 
0 
pwxlvl 1 1 63 -16 1 2 1 0 1 64
1 63 
0 
pwxlvl90 1 1 63 -16 1 2 1 0 1 64
1 10 
0 
r4 1 1 1e+18 -1e+18 0 4 1 1 1 64
1 0 
0 
r2 1 1 1e+18 -1e+18 0 4 1 1 1 64
1 0 
0 
r1 1 1 1e+18 -1e+18 0 4 1 1 1 64
1 0 
0 
r3 1 1 1e+18 -1e+18 0 4 1 1 1 64
1 0 
0 
r5 1 1 1e+18 -1e+18 0 4 1 1 1 64
1 0 
0 
rof2 6 1 13 13 13 2 1 8194 1 64
1 25.0875 
0 
retdly 1 1 9.99999984307e+17 -9.99999984307e+17 0 2 1 0 1 64
1 0.00096 
0 
reffrq1 1 1 9.99999984307e+17 -9.99999984307e+17 0 4 1 0 1 64
1 499.871012306 
0 
ref_pw90 6 1 13 13 13 2 1 8192 1 64
1 11.15 
0 
ref 5 1 1000000000 -1000000000 0 3 4 0 1 64
1 0 
0 
r7 1 1 1e+18 -1e+18 0 4 1 1 1 64
1 1 
0 
ref1 5 1 1000000000 -1000000000 0 3 1 0 1 64
1 0 
0 
ref_pwr 1 1 9.99999984307e+17 -9.99999984307e+17 0 2 1 0 1 64
1 58 
0 
reffrq 1 1 9.99999984307e+17 -9.99999984307e+17 0 4 1 0 1 64
1 499.870934023 
0 
refscan 4 2 4 0 0 2 1 0 1 64
1 "n"
0 
refpos 1 1 9.99999984307e+17 -9.99999984307e+17 0 4 1 0 1 64
1 -78.2838486583 
0 
refnt 7 1 1000000 0 0 2 1 0 1 64
1 8 
0 
refpos1 1 1 9.99999984307e+17 -9.99999984307e+17 0 4 1 0 1 64
1 0 
0 
refstd_ 2 2 8 0 0 2 1 65808 1 64
1 ""
0 
refsource1 2 2 8 0 0 4 1 0 1 64
1 "sfrq"
0 
researchgroup 2 2 8 0 0 2 1 0 1 64
1 ""
0 
rfl1 1 1 1000000000 -1000000000 0 4 1 1 1 64
1 -1066.99357755 
0 
rfband 4 2 4 0 0 2 1 0 1 64
1 "cc"
3 "c" "h" "l" 
retentiontime_ 2 2 8 0 0 2 1 0 1 64
1 ""
0 
rfl 1 1 1000000000 -1000000000 0 4 1 1 1 64
1 1611.13283019 
0 
rfp1 1 1 1000000000 -1000000000 0 4 1 1 1 64
1 0 
0 
rfp 1 1 1000000000 -1000000000 0 4 1 1 1 64
1 0 
0 
rof1 6 1 13 13 13 2 1 8194 1 64
1 10 
0 
satpwr 1 1 30 -16 1 2 1 0 1 64
1 20 
0 
sas 7 1 10000000 0 0 3 1 1 0 64
1 0 
0 
sample 2 2 8 0 0 2 1 1 1 64
1 ""
0 
rp1 1 1 3600 -3600 0.1 4 1 3 1 64
1 0 
0 
rp 1 1 3600 -3600 0.1 4 1 3 1 64
1 94.038269043 
0 
sa 7 1 10000000 0 0 3 1 1 0 64
1 1024 
0 
sampleowner 2 2 8 0 0 2 1 0 1 64
1 ""
0 
samplename 2 2 8 0 0 2 1 9 1 64
1 ""
0 
sampwt 1 1 9.99999984307e+17 -9.99999984307e+17 0 2 1 0 1 64
1 0 
0 
satfrq 5 1 1000000000 -1000000000 0 2 1 0 1 64
1 -178.3 
0 
satdly 3 1 14 14 14 2 1 8192 1 64
1 1 
0 
satmode 4 2 4 0 0 2 1 0 1 64
1 "y"
0 
sbs 1 1 1000 -1000 0 3 1 1 0 64
1 0 
0 
sb1 1 1 1000 -1000 0 3 1 1 0 64
1 0 
0 
saveshapes 2 2 8 0 0 2 1 256 1 64
1 ""
0 
saveglobal_ 2 2 8 0 0 3 1 0 1 64
20 "probe"
"lcpeak"
"loc"
"lockpower"
"lockgain"
"lockphase"
"lockfreq"
"z0"
"lkof"
"vloc"
"vrack"
"vzone"
"vproto"
"pkpick"
"parstyle"
"operator"
"studyid"
"systemname"
"probetype"
"refstd"
0 
sb 1 1 1000 -1000 0 3 1 0 0 64
1 0 
0 
sbbiflg 4 2 4 0 0 2 1 0 1 64
1 "n"
0 
sc2 1 1 3 3 3 4 1 8195 1 64
1 0 
0 
sc 1 1 1 1 1 4 1 8195 1 64
1 8 
0 
sbs1 1 1 1000 -1000 0 3 1 1 0 64
1 0 
0 
scoutinfo 2 2 8 0 0 2 1 256 1 64
1 ""
0 
scans 2 2 8 0 0 3 1 0 1 64
1 ""
0 
sdirtmplt 2 2 8 0 0 2 1 0 1 64
1 "$samplename$_%DATE%_"
0 
svfopt 4 2 4 0 0 2 1 0 1 64
1 "y"
0 
slpwrT 7 1 63 -16 1 2 1 0 1 64
1 47 
0 
selpwxlvlA 1 1 63 -16 1 2 1 0 1 64
1 0 
0 
selpwB 6 1 1000000 0 0.025 2 1 0 1 64
1 5000 
0 
selfrq1ppm 1 1 9.99999984307e+17 -9.99999984307e+17 0 2 1 256 0 64
1 0 
0 
selfrq 5 1 1000000000 -1000000000 0 2 1 0 1 64
1 -1175 
0 
sel 1 1 9.99999984307e+17 -9.99999984307e+17 0 2 1 0 1 64
1 1 
0 
segt5 3 1 14 14 14 2 1 8192 1 64
1 0.0005 
0 
selfrq1c 5 1 1000000000 -1000000000 0 2 1 256 0 64
1 0 
0 
selfrqppm 1 1 9.99999984307e+17 -9.99999984307e+17 0 2 1 256 0 64
1 0 
0 
selfrq1w 1 1 9.99999984307e+17 -9.99999984307e+17 0 2 1 256 1 64
1 10 
0 
selfrqc 5 1 1000000000 -1000000000 0 2 1 256 0 64
1 0 
0 
selfrqw 1 1 9.99999984307e+17 -9.99999984307e+17 0 2 1 256 1 64
1 10 
0 
selpwA 6 1 1000000 0 0.025 2 1 0 1 64
1 5000 
0 
selpwx90shp 2 2 8 0 0 2 1 0 1 64
1 "hard"
0 
selpwx180 6 1 1000000 0 0.025 2 1 0 1 64
1 30.2 
0 
selpwrA 1 1 63 -16 1 2 1 0 1 64
1 0 
0 
selpwrB 1 1 63 -16 1 2 1 0 1 64
1 0 
0 
selpwx180shpR 2 2 8 0 0 2 1 0 1 64
1 "hard"
0 
selpwx180shp 2 2 8 0 0 2 1 0 1 64
1 "hard"
0 
selpwx90 6 1 1000000 0 0.025 2 1 0 1 64
1 15 
0 
selpwxlvl180 1 1 63 -16 1 2 1 0 1 64
1 61 
0 
selpwxA 6 1 1000000 0 0.025 2 1 0 1 64
1 5000 
0 
selpwx90shpR 2 2 8 0 0 2 1 0 1 64
1 "hard"
0 
selpwxB 6 1 1000000 0 0.025 2 1 0 1 64
1 5000 
0 
selpwxlvl90 1 1 63 -16 1 2 1 0 1 64
1 10 
0 
shims 2 2 8 0 0 2 1 0 1 64
1 "20241121"
0 
selshapeB 2 2 8 0 0 2 1 0 1 64
1 "q3"
0 
selpwxshpB 2 2 8 0 0 2 1 0 1 64
1 "hard"
0 
selpwxlvlB 1 1 63 -16 1 2 1 0 1 64
1 0 
0 
selpwxshpA 2 2 8 0 0 2 1 0 1 64
1 "hard"
0 
selshapeA 2 2 8 0 0 2 1 0 1 64
1 "q3"
0 
sf1 1 1 9.99999984307e+17 -9.99999984307e+17 0 4 1 0 1 64
1 0 
0 
seqfil 2 2 8 0 0 2 1 11 1 64
1 "sel_CLIP_COSY"
0 
seltype 2 2 8 0 0 2 1 0 1 64
1 "dpfgseF2"
0 
sf 1 1 8190 0 1e-07 4 1 3 1 64
1 0 
0 
shape180 2 2 8 0 0 2 1 0 1 64
1 "wurst2i"
0 
sfrq 1 1 1000000000 0 0 2 1 11 1 64
1 499.8733293 
0 
shape90 2 2 8 0 0 2 1 0 1 64
1 "G4"
0 
shp_sel 2 2 8 0 0 2 1 0 1 64
1 "pigbrain1_1"
0 
shownumstyle 2 2 8 0 0 2 1 0 1 64
1 "auto"
0 
showcontent 2 2 8 0 0 2 1 0 1 64
1 "s"
0 
showarray 2 2 8 0 0 2 1 0 1 64
1 "horiz"
0 
shownumbers 2 2 8 0 0 2 1 0 1 64
1 "n"
0 
shownumy 1 1 9.99999984307e+17 -9.99999984307e+17 0 2 1 0 1 64
1 0 
0 
shownumx 1 1 9.99999984307e+17 -9.99999984307e+17 0 2 1 0 1 64
1 0 
0 
shp_a 2 2 8 0 0 2 1 0 1 64
1 "gaus90-222"
0 
slpsat 4 2 4 0 0 2 1 0 1 64
1 "n"
0 
slpatT 2 2 8 0 0 2 1 0 1 64
1 "dipsi2"
0 
slpatR 2 2 8 0 0 2 1 0 1 64
1 "troesy"
0 
slpname 2 2 8 0 0 2 1 256 1 64
1 ""
0 
slpwT 6 1 13 13 13 2 1 8192 1 64
1 34.075 
0 
slpwR 6 1 13 13 13 2 1 8192 1 64
1 22 
0 
slpwrR 7 1 63 -16 1 2 1 0 1 64
1 48 
0 
spTolExpIndex 7 1 32767 0 0 4 1 0 1 64
1 6 
0 
spLo 7 1 32767 0 0 4 1 0 1 64
1 1 
0 
spDelay 2 2 8 0 0 4 1 0 1 64
1 "0"
0 
sp 1 1 1000000000 -1000000000 0 4 1 3 1 64
1 -1610.88829832 
0 
solvent 2 2 6 0 0 2 1 11 1 64
1 "d2o"
0 
sn 1 1 1e+18 -1e+18 0 3 1 1 1 64
1 0 
0 
sp1 1 1 1000000000 -1000000000 0 4 1 3 1 64
1 1066.99357755 
0 
spFileKey 2 2 8 0 0 4 1 0 1 64
1 "/home/hyq_m01/vnmrsys/proshimmethods/popupmethod; 43"
0 
spEval 2 2 8 0 0 4 1 0 1 64
1 "spFidValue"
0 
spDim 7 1 8 1 0 4 1 0 1 64
1 7 
0 
spFileIndex 7 1 32767 0 0 4 1 0 1 64
1 0 
0 
spIter 7 1 32767 0 0 4 1 0 1 64
1 1 
0 
spHi 7 1 32767 0 0 4 1 0 1 64
1 8 
0 
spSet 2 2 8 0 0 4 1 0 1 64
1 "spFidSet"
0 
spNextHi 7 1 32767 0 0 4 1 0 1 64
1 4 
0 
spMaxIter 7 1 32767 0 0 4 1 0 1 64
1 10 
0 
spLogFile 2 2 8 0 0 4 1 0 1 64
1 "/vnmr/tmp/spLog"
0 
spNewYval 1 1 9.99999984307e+17 -9.99999984307e+17 0 4 1 0 1 64
1 -58324.1892555 
0 
spParNames 2 2 8 0 0 4 1 0 1 64
1 ""
0 
spNumSteps 7 1 32767 0 0 4 1 0 1 64
1 1 
0 
spRange 7 1 32767 0 0 4 1 0 1 64
1 218 
0 
spSum 1 1 9.99999984307e+17 -9.99999984307e+17 0 4 1 0 1 64
7 27374 5026 -46460 77951 47605 -24844 -16415 
0 
spStage 2 2 8 0 0 4 1 0 1 64
1 "eval"
0 
spShimmer 2 2 8 0 0 4 1 0 1 64
1 "spFidShim"
0 
spStep 7 1 32768 -32768 0 4 1 0 1 64
1 218 
0 
spTol 1 1 9.99999984307e+17 -9.99999984307e+17 0 4 1 0 1 64
1 100 
0 
spTime 1 1 9.99999984307e+17 -9.99999984307e+17 0 4 1 0 1 64
3 1730167873.37 2100 1730167904.77 
0 
spTolExp 1 1 9.99999984307e+17 -9.99999984307e+17 0 4 1 0 1 64
1 407 
0 
spinlockR 1 1 20000 10 1 2 1 0 1 64
1 6000 
0 
spVec6 1 1 9.99999984307e+17 -9.99999984307e+17 0 4 1 0 1 64
7 3231 452 -5774 9664 5863 -2885 -1803 
0 
spVec2 1 1 9.99999984307e+17 -9.99999984307e+17 0 4 1 0 1 64
7 3526 535 -6070 9922 5829 -2937 -2185 
0 
spVec1 1 1 9.99999984307e+17 -9.99999984307e+17 0 4 1 0 1 64
7 3344 660 -5908 9813 5977 -3075 -1981 
0 
spVec0 1 1 9.99999984307e+17 -9.99999984307e+17 0 4 1 0 1 64
7 3280 732.714285714 -5934.14285714 9800.28571429 5741.85714286 -3385.14285714 -1975.85714286 
0 
spVec4 1 1 9.99999984307e+17 -9.99999984307e+17 0 4 1 0 1 64
7 3480 472 -5701 10014 6128 -3292 -2165 
0 
spVec3 1 1 9.99999984307e+17 -9.99999984307e+17 0 4 1 0 1 64
7 3183 809 -5790 9618 6124 -3280 -1819 
0 
spVec5 1 1 9.99999984307e+17 -9.99999984307e+17 0 4 1 0 1 64
7 3559 782 -5793 9612 5772 -3286 -2189 
0 
spVertex 7 1 32767 0 0 4 1 0 1 64
1 0 
0 
spVec8 1 1 9.99999984307e+17 -9.99999984307e+17 0 4 1 0 1 64
7 3532 547 -5709 9700 6113 -2888 -2111 
0 
spVec7 1 1 9.99999984307e+17 -9.99999984307e+17 0 4 1 0 1 64
7 3519 769 -5715 9608 5799 -3201 -2162 
0 
spVec9 1 1 9.99999984307e+17 -9.99999984307e+17 0 4 1 0 1 64
1 0 
0 
spYval 1 1 9.99999984307e+17 -9.99999984307e+17 0 4 1 0 1 64
8 -453856.482699 -79105.2406209 -75907.7883669 -74308.5499839 -92959.765945 -84701.0278376 -74436.3796452 -58324.1892555 
0 
spYsave 1 1 9.99999984307e+17 -9.99999984307e+17 0 4 1 0 1 64
1 0 
0 
spin 1 1 39 0 1 2 1 0 0 64
1 0 
0 
strtlp 7 1 1000000 1 1 3 1 0 1 64
1 2 
0 
ss 7 1 32767 -32768 0 2 1 0 1 64
1 2 
0 
srate 7 1 32767 0 1 2 1 1 1 64
1 25 
0 
spinlockT 1 1 20000 10 1 2 1 0 1 64
1 7338 
0 
sreffrq 1 1 9.99999984307e+17 -9.99999984307e+17 0 2 1 0 1 64
1 499.871012306 
0 
strtext 7 1 1000000 1 1 3 1 0 1 64
1 512 
0 
sspul 4 2 4 0 0 2 1 0 1 64
1 "n"
0 
strtext1 7 1 1000000 1 1 3 1 0 1 64
1 65 
0 
studyid_ 2 2 8 0 0 2 1 0 1 64
1 "tmpstudy"
0 
strtpar 2 2 8 0 0 2 1 0 1 64
1 ""
0 
strtlp1 7 1 1000000 1 1 3 1 0 1 64
1 64 
0 
study 2 2 8 0 0 3 1 0 1 64
1 ""
0 
studystatus 2 2 8 0 0 2 1 0 1 64
1 ""
0 
studyowner 2 2 8 0 0 2 1 0 1 64
1 "hyq_m01"
0 
wetfrqw 1 1 9.99999984307e+17 -9.99999984307e+17 0 2 1 256 1 64
1 80 
0 
vch6 2 2 8 0 0 2 1 8 1 64
1 ""
0 
time_processed 2 2 8 0 0 3 1 0 1 64
1 "20250918T064743"
0 
tau3 1 1 9.99999984307e+17 -9.99999984307e+17 0 2 1 0 1 64
1 0.15 
0 
sweeppwr 1 1 63 -16 1 2 1 0 1 64
1 44 
0 
sw2 1 1 9.99999984307e+17 -9.99999984307e+17 0 2 1 0 1 64
1 0 
0 
sw 1 1 5 5 5 2 1 8203 1 64
1 8012.82051282 
0 
svftmplt 2 2 8 0 0 2 1 0 1 64
1 "$pslabel$_"
0 
sw1 1 1 9.99999984307e+17 -9.99999984307e+17 0 2 1 0 1 64
1 2500 
0 
sweeppw 6 1 13 13 13 2 1 8192 1 64
1 1500 
0 
t1 3 1 14 14 14 2 1 8192 1 64
1 0 
0 
sweepshp 2 2 8 0 0 2 1 0 1 64
1 "sech180"
0 
systemname_ 2 2 8 0 0 2 1 0 1 64
1 "UP500M-vnmrs500"
0 
t3 3 1 14 14 14 2 1 8192 1 64
1 0 
0 
t2 3 1 14 14 14 2 1 8192 1 64
1 0 
0 
tau2 1 1 9.99999984307e+17 -9.99999984307e+17 0 2 1 0 1 64
1 2e-05 
0 
temp 1 1 200 -150 0.1 2 1 8 0 64
1 28 
0 
tauz1 3 1 14 14 14 2 1 8192 1 64
1 0 
0 
tau4 1 1 9.99999984307e+17 -9.99999984307e+17 0 2 1 0 1 64
1 0 
0 
tauJ 1 1 9.99999984307e+17 -9.99999984307e+17 0 2 1 0 1 64
1 2e-05 
0 
tauz3 3 1 14 14 14 2 1 8192 1 64
1 0.005994 
0 
tauz2 3 1 14 14 14 2 1 8192 1 64
1 0.00081 
0 
tauz4 3 1 14 14 14 2 1 8192 1 64
1 0.006804 
0 
th2d 1 1 1 1e-18 0 4 1 17 1 64
1 0.8 
0 
th 1 1 1000000000 0 0 4 1 1 1 64
1 2 
0 
text_string 2 2 8 0 0 4 1 256 1 64
1 "new experiment"
0 
time_exp 2 2 8 0 0 2 1 0 1 64
1 "36 min, 46 sec"
0 
time_complete 2 2 8 0 0 4 1 0 1 64
1 "20250918T064743"
0 
time_plotted 2 2 8 0 0 3 1 0 1 64
1 ""
0 
tof1 1 1 9.99999984307e+17 -9.99999984307e+17 0 2 1 0 1 64
1 -672.2 
0 
tlt 1 1 1000000000 -1000000000 0 4 1 1 1 64
1 0.128678137615 
0 
time_submitted_local 2 2 8 0 0 2 1 0 1 64
1 "20250917T173945X05PMWedSep"
0 
time_saved 2 2 8 0 0 4 1 0 1 64
1 "20250918T214133"
0 
time_run 2 2 8 0 0 2 1 0 1 64
1 "20250918T062615"
0 
time_submitted 2 2 8 0 0 2 1 0 1 64
1 "20250917T173945"
0 
time_svfdate 2 2 8 0 0 2 1 0 1 64
1 "20250917T173945"
0 
tin 2 2 1 0 0 2 1 2 1 64
1 "n"
3 "n" "w" "y" 
tnbipshp 2 2 8 0 0 2 1 0 1 64
1 "bip60us"
0 
tnbippw 6 1 1000000 0 0.025 2 1 0 1 64
1 60 
0 
tn 2 2 4 0 0 2 1 8 1 64
1 "H1"
0 
tnbippwr 1 1 63 -16 1 2 1 0 1 64
1 57 
0 
tnshapes 2 2 8 0 0 2 1 256 1 64
3 ""
""
""
0 
tnref 2 2 8 0 0 4 1 1 1 64
1 "Me4Si, 1% in CDCl3"
0 
tof 5 1 7 7 7 2 1 8202 1 64
1 -182.4 
0 
username 2 2 8 0 0 2 1 0 1 64
1 ""
0 
trace 2 2 2 0 0 4 1 3 1 64
1 "f2"
2 "f1" "f2" 
tpwr 1 1 17 17 17 2 1 8194 1 64
1 58 
0 
tofh2o 5 1 1000000000 -1000000000 0 2 1 0 1 64
1 0 
0 
tpwr_cf 1 1 9.99999984307e+17 -9.99999984307e+17 0 2 1 0 1 64
1 1 
0 
tt 1 1 9.99999984307e+17 -9.99999984307e+17 0 2 1 0 1 64
1 0 
0 
trim 3 1 14 14 14 2 1 8192 1 64
1 0.002 
0 
tunemethod 2 2 8 0 0 2 1 0 1 64
1 "n"
0 
vch2 2 2 8 0 0 2 1 8 1 64
1 "dn"
0 
vch1 2 2 8 0 0 2 1 8 1 64
1 "tn"
0 
userplotter 2 2 8 0 0 4 1 0 1 64
1 ""
0 
vch4 2 2 8 0 0 2 1 8 1 64
1 "dn"
0 
vch3 2 2 8 0 0 2 1 8 1 64
1 "z"
0 
vch5 2 2 8 0 0 2 1 8 1 64
1 ""
0 
vtc 1 1 255 0 1 2 1 2 1 64
1 25 
0 
vp 7 1 500 -500 0.1 4 1 3 1 64
1 0 
0 
vjdialogarg 2 2 8 0 0 4 1 256 1 64
1 ""
0 
vf 1 1 1000000000 0 0 4 1 3 1 64
1 3395940 
0 
vchannelmap 2 2 8 0 0 2 1 256 1 64
4 "0"
"1"
"z"
"1"
0 
vjdialog 2 2 8 0 0 4 1 256 1 64
1 ""
0 
vo 1 1 500 -500 0 4 1 1 1 64
1 0 
0 
vloc_ 2 2 8 0 0 2 1 8 1 64
1 "A0"
0 
volume 1 1 9.99999984307e+17 -9.99999984307e+17 0 2 1 0 1 64
1 0 
0 
vrack_ 7 1 5 1 0 2 1 0 1 64
1 1 
0 
vpfi 1 1 500 -500 0 4 1 0 1 64
1 0 
0 
vpf 1 1 500 -500 0 4 1 0 1 64
1 0 
0 
vproto_ 2 2 8 0 0 2 1 0 1 64
1 ""
0 
vs2d 1 1 1000000000 1e-06 0 4 1 3 1 64
1 951.364863981 
0 
vs 1 1 1000000000 1e-06 0 4 1 3 1 64
1 37121.1201278 
0 
vsproj 1 1 1000000000 1e-06 0 4 1 3 1 64
1 127.24811125 
0 
werr 2 2 6 0 0 3 1 3 1 64
1 ""
0 
wc 1 1 2 2 2 4 1 8203 1 64
1 234 
0 
vzone_ 7 1 15 1 0 2 1 0 1 64
1 1 
0 
vtwait 3 1 14 14 14 2 1 8194 1 64
1 300 
0 
wbs 2 2 6 0 0 3 1 3 1 64
1 ""
0 
wdone 2 2 8 0 0 3 1 0 1 64
1 ""
0 
wc2 1 1 4 4 4 4 1 8195 1 64
1 159 
0 
wds 2 2 8 0 0 3 1 0 1 64
1 "suselfrq"
0 
wetfrq 5 1 1000000000 -1000000000 0 2 1 256 0 64
1 0 
0 
wet_cf 1 1 9.99999984307e+17 -9.99999984307e+17 0 2 1 0 1 64
1 1 
0 
wet 4 2 4 0 0 2 1 0 1 64
1 "n"
0 
wetfly 4 2 4 0 0 2 1 0 1 64
1 "n"
0 
wetfrqs 2 2 8 0 0 2 1 256 1 64
1 "seduce"
0 
z2x3 7 1 19 19 19 2 1 8192 1 64
1 0 
0 
x4 7 1 19 19 19 2 1 8192 1 64
1 0 
0 
whatemail 2 2 8 0 0 2 1 0 1 64
1 "message"
0 
wetshape 2 2 8 0 0 2 1 0 1 64
1 "wetshp"
0 
wetpwr2 1 1 9.99999984307e+17 -9.99999984307e+17 0 2 1 0 1 64
1 0 
0 
wetpwr 1 1 9.99999984307e+17 -9.99999984307e+17 0 2 1 0 1 64
1 0 
0 
wetpeaks 7 1 10 0 1 2 1 0 0 64
1 0 
0 
wetpwr1 1 1 9.99999984307e+17 -9.99999984307e+17 0 2 1 0 1 64
1 0 
0 
wetpwr4 1 1 9.99999984307e+17 -9.99999984307e+17 0 2 1 0 1 64
1 0 
0 
wetpwr3 1 1 9.99999984307e+17 -9.99999984307e+17 0 2 1 0 1 64
1 0 
0 
wetset 2 2 8 0 0 4 1 0 1 64
1 "set1"
0 
wetshape4 2 2 8 0 0 2 1 0 1 64
1 "wetshp"
0 
wetshape2 2 2 8 0 0 2 1 0 1 64
1 "wetshp"
0 
wetshape1 2 2 8 0 0 2 1 0 1 64
1 "wetshp"
0 
wetshape3 2 2 8 0 0 2 1 0 1 64
1 "wetshp"
0 
wf 1 1 8190 0 1e-07 4 1 3 1 64
1 0.799968 
0 
wexp 2 2 6 0 0 3 1 3 1 64
1 "process"
0 
wf1 1 1 9.99999984307e+17 -9.99999984307e+17 0 4 1 0 1 64
1 0.8192 
0 
wshim 4 2 4 0 0 2 1 1 1 64
1 "n"
15 "e" "f" "g" "n" "s" "0" "1" "2" "3" "4" "5" "6" "7" "8" "9" 
wp1 1 1 100000 0 0 4 1 3 1 64
1 2500 
0 
wnt 2 2 6 0 0 3 1 3 1 64
1 ""
0 
whenemail 2 2 8 0 0 2 1 0 1 64
1 "never"
0 
wp 1 1 5000000 0 0 4 1 11 1 64
1 8012.57598094 
0 
wrtp 2 2 8 0 0 3 1 0 1 64
1 ""
0 
wqinit 2 2 8 0 0 4 1 0 1 64
1 ""
0 
wtune 4 2 4 0 0 2 1 0 1 64
1 "n"
10 "s" "t" "e" "v" "i" "n" "1" "2" "3" "4" 
wtfile 2 2 15 0 0 3 1 1 1 64
1 ""
0 
wstart 2 2 8 0 0 3 1 0 1 64
1 ""
0 
wtfile1 2 2 15 0 0 3 2 1 1 64
1 ""
0 
x2y2 7 1 19 19 19 2 1 8192 1 64
1 4881 
0 
x1 7 1 19 19 19 2 1 8192 1 64
1 12826 
0 
x3 7 1 19 19 19 2 1 8192 1 64
1 -754 
0 
yz 7 1 19 19 19 2 1 8192 1 64
1 3643 
0 
xz2 7 1 19 19 19 2 1 8192 1 64
1 4735 
0 
xy 7 1 19 19 19 2 1 8192 1 64
1 -12979 
0 
xdiag 1 1 1e+18 0 0 4 1 17 1 64
1 0 
0 
xz 7 1 19 19 19 2 1 8192 1 64
1 2719 
0 
y3 7 1 19 19 19 2 1 8192 1 64
1 -4066 
0 
y1 7 1 19 19 19 2 1 8192 1 64
1 6387 
0 
y4 7 1 19 19 19 2 1 8192 1 64
1 0 
0 
z1c 7 1 19 19 19 2 1 8192 1 64
1 -1044 
0 
z0_ 1 1 19 19 19 2 1 73744 1 64
1 -16184 
0 
yz2 7 1 19 19 19 2 1 8192 1 64
1 -10464 
0 
z1 7 1 19 19 19 2 1 8192 1 64
1 4645 
0 
z2c 7 1 19 19 19 2 1 8192 1 64
1 196 
0 
z2 7 1 19 19 19 2 1 8192 1 64
1 1020 
0 
z2x2y2 7 1 19 19 19 2 1 8192 1 64
1 6660 
0 
z4xy 7 1 19 19 19 2 1 8192 1 64
1 0 
0 
z3x3 7 1 19 19 19 2 1 8192 1 64
1 0 
0 
z3 7 1 19 19 19 2 1 8192 1 64
1 -2161 
0 
z2y3 7 1 19 19 19 2 1 8192 1 64
1 0 
0 
z2xy 7 1 19 19 19 2 1 8192 1 64
1 4223 
0 
z3x 7 1 19 19 19 2 1 8192 1 64
1 53 
0 
z3c 7 1 19 19 19 2 1 8192 1 64
1 0 
0 
z3x2y2 7 1 19 19 19 2 1 8192 1 64
1 0 
0 
z4 7 1 19 19 19 2 1 8192 1 64
1 -4249 
0 
z3y 7 1 19 19 19 2 1 8192 1 64
1 2264 
0 
z3xy 7 1 19 19 19 2 1 8192 1 64
1 0 
0 
z3y3 7 1 19 19 19 2 1 8192 1 64
1 0 
0 
z4x 7 1 19 19 19 2 1 8192 1 64
1 24060 
0 
z4c 7 1 19 19 19 2 1 8192 1 64
1 0 
0 
z4x2y2 7 1 19 19 19 2 1 8192 1 64
1 0 
0 
zqfpat1 2 2 8 0 0 2 1 0 1 64
1 "bashdTOCSY_zqf1"
0 
zfilt 4 2 4 0 0 2 1 0 1 64
1 "n"
0 
z5y 7 1 19 19 19 2 1 8192 1 64
1 0 
0 
z5 7 1 19 19 19 2 1 8192 1 64
1 1899 
0 
z4y 7 1 19 19 19 2 1 8192 1 64
1 -15079 
0 
z5x 7 1 19 19 19 2 1 8192 1 64
1 0 
0 
z7 7 1 19 19 19 2 1 8192 1 64
1 -9777 
0 
z6 7 1 19 19 19 2 1 8192 1 64
1 13253 
0 
z8 7 1 19 19 19 2 1 8192 1 64
1 0 
0 
zoom 7 1 32767 0 0 4 1 0 1 64
1 0 
0 
zfphinc 1 1 9.99999984307e+17 -9.99999984307e+17 0 2 1 0 1 64
1 0 
0 
zqfilt 4 2 4 0 0 2 1 0 1 64
1 "n"
0 
zqfpwr1 7 1 63 -16 1 2 1 0 1 64
1 27 
0 
zqfpw2 6 1 1000000 0 0.025 2 1 0 1 64
1 50000 
0 
zqfpat3 2 2 8 0 0 2 1 0 1 64
1 "bashdTOCSY_zqf3"
0 
zqfpat2 2 2 8 0 0 2 1 0 1 64
1 "bashdTOCSY_zqf2"
0 
zqfpw1 6 1 1000000 0 0.025 2 1 0 1 64
1 30000 
0 
zqfpw3 6 1 1000000 0 0.025 2 1 0 1 64
1 50000 
0 
zx2y2 7 1 19 19 19 2 1 8192 1 64
1 3441 
0 
zqfpwr3 7 1 63 -16 1 2 1 0 1 64
1 34 
0 
zqfpwr2 7 1 63 -16 1 2 1 0 1 64
1 25 
0 
zxy 7 1 19 19 19 2 1 8192 1 64
1 8764 
0 
zx3 7 1 19 19 19 2 1 8192 1 64
1 -2394 
0 
zy3 7 1 19 19 19 2 1 8192 1 64
1 10448 
0 
